GEM
  remote: https://rubygems.org/
  remote: https://repo.fury.io/sJsXnYBFBAeqXCsWaScx/me/
  specs:
    Ascii85 (1.0.2)
    activemodel (4.0.0)
      activesupport (= 4.0.0)
      builder (~> 3.1.0)
    activesupport (4.0.0)
      i18n (~> 0.6, >= 0.6.4)
      minitest (~> 4.2)
      multi_json (~> 1.3)
      thread_safe (~> 0.1)
      tzinfo (~> 0.3.37)
    afm (0.2.0)
    asset_sync (1.0.0)
      activemodel
      fog (>= 1.8.0)
    atomic (1.1.14)
    builder (3.1.4)
    climate_control (0.0.3)
      activesupport (>= 3.0)
    cocaine (0.5.3)
      climate_control (>= 0.0.3, < 1.0)
    coderay (1.0.9)
    dotenv (0.7.0)
    excon (0.27.6)
    fog (1.11.1)
      builder
      excon (~> 0.20)
      formatador (~> 0.2.0)
      json (~> 1.7)
      mime-types
      net-scp (~> 1.1)
      net-ssh (>= 2.1.3)
      nokogiri (~> 1.5.0)
      ruby-hmac
    formatador (0.2.4)
    hashery (2.1.0)
    i18n (0.6.5)
    json (1.8.1)
    kindlegen (2.7.0)
      systemu
    mime-types (1.25)
    minitest (4.7.5)
    multi_json (1.8.2)
    net-scp (1.1.2)
      net-ssh (>= 2.6.5)
    net-ssh (2.7.0)
    nokogiri (1.5.10)
    paperback (0.0.1)
      activesupport (~> 4.0.0)
      asset_sync (~> 1.0.0)
      cocaine (~> 0.5.1)
      coderay (~> 1.0.9)
      dotenv (~> 0.7.0)
      kindlegen (~> 2.7.0)
      nokogiri (~> 1.5.9)
      pdf-reader (~> 1.3.2)
      redcarpet (~> 2.2.2)
      rmagick (~> 2.13.1)
      terminal-table (~> 1.4.5)
      thor (~> 0.16.0)
    pdf-reader (1.3.3)
      Ascii85 (~> 1.0.0)
      afm (~> 0.2.0)
      hashery (~> 2.0)
      ruby-rc4
      ttfunk
    redcarpet (2.2.2)
    rmagick (2.13.2)
    ruby-hmac (0.4.0)
    ruby-rc4 (0.1.5)
    systemu (2.5.2)
    terminal-table (1.4.5)
    thor (0.16.0)
    thread_safe (0.1.3)
      atomic
    ttfunk (1.0.3)
    tzinfo (0.3.38)

PLATFORMS
  ruby

DEPENDENCIES
  paperback
